GIT
  remote: git://github.com/cavalle/steak.git
  revision: 894084d
  specs:
    steak (0.4.0.beta.1)
      rspec-core (>= 2.0.0.beta.19)

GIT
  remote: git://github.com/jnicklas/carrierwave.git
  revision: 015530b
  specs:
    carrierwave (0.5.0.beta2)
      activesupport (>= 3.0.0.rc)

GIT
  remote: git://github.com/rails/rails.git
  revision: b6f9932
  tag: v3.0.0_RC
  specs:
    actionmailer (3.0.0.rc)
      actionpack (= 3.0.0.rc)
      mail (~> 2.2.5)
    actionpack (3.0.0.rc)
      activemodel (= 3.0.0.rc)
      activesupport (= 3.0.0.rc)
      builder (~> 2.1.2)
      erubis (~> 2.6.6)
      i18n (~> 0.4.1)
      rack (~> 1.2.1)
      rack-mount (~> 0.6.9)
      rack-test (~> 0.5.4)
      tzinfo (~> 0.3.22)
    activemodel (3.0.0.rc)
      activesupport (= 3.0.0.rc)
      builder (~> 2.1.2)
      i18n (~> 0.4.1)
    activerecord (3.0.0.rc)
      activemodel (= 3.0.0.rc)
      activesupport (= 3.0.0.rc)
      arel (~> 0.4.0)
      tzinfo (~> 0.3.22)
    activeresource (3.0.0.rc)
      activemodel (= 3.0.0.rc)
      activesupport (= 3.0.0.rc)
    activesupport (3.0.0.rc)
    rails (3.0.0.rc)
      actionmailer (= 3.0.0.rc)
      actionpack (= 3.0.0.rc)
      activerecord (= 3.0.0.rc)
      activeresource (= 3.0.0.rc)
      activesupport (= 3.0.0.rc)
      bundler (>= 1.0.0.rc.1)
      railties (= 3.0.0.rc)
    railties (3.0.0.rc)
      actionpack (= 3.0.0.rc)
      activesupport (= 3.0.0.rc)
      rake (>= 0.8.3)
      thor (~> 0.14.0)

PATH
  remote: /home/hubert/Projekty/ichiban
  specs:
    ichiban (0.0.1)

GEM
  remote: http://rubygems.org/
  specs:
    abstract (1.0.0)
    arel (0.4.0)
      activesupport (>= 3.0.0.beta)
    bcrypt-ruby (2.1.2)
    bson (1.0.4)
    bson_ext (1.0.4)
    builder (2.1.2)
    capybara (0.3.9)
      culerity (>= 0.2.4)
      mime-types (>= 1.16)
      nokogiri (>= 1.3.3)
      rack (>= 1.0.0)
      rack-test (>= 0.5.4)
      selenium-webdriver (>= 0.0.3)
    culerity (0.2.12)
    devise (1.1.rc2)
      bcrypt-ruby (~> 2.1.2)
      warden (~> 0.10.7)
    diff-lcs (1.1.2)
    erubis (2.6.6)
      abstract (>= 1.0.0)
    ffi (0.6.3)
      rake (>= 0.8.7)
    haml (3.0.13)
    i18n (0.4.1)
    json_pure (1.4.6)
    mail (2.2.5)
      activesupport (>= 2.3.6)
      mime-types
      treetop (>= 1.4.5)
    mime-types (1.16)
    mini_magick (1.3.1)
      subexec (~> 0.0.4)
    mongo (1.0.7)
      bson (>= 1.0.4)
    mongoid (2.0.0.beta.16)
      activemodel (= 3.0.0.rc)
      bson (= 1.0.4)
      mongo (= 1.0.7)
      tzinfo (= 0.3.22)
      will_paginate (~> 3.0.pre)
    nokogiri (1.4.3.1)
    polyglot (0.3.1)
    rack (1.2.1)
    rack-mount (0.6.12)
      rack (>= 1.0.0)
    rack-test (0.5.4)
      rack (>= 1.0)
    rake (0.8.7)
    rdiscount (1.6.5)
    rspec (2.0.0.beta.19)
      rspec-core (= 2.0.0.beta.19)
      rspec-expectations (= 2.0.0.beta.19)
      rspec-mocks (= 2.0.0.beta.19)
    rspec-core (2.0.0.beta.19)
    rspec-expectations (2.0.0.beta.19)
      diff-lcs (>= 1.1.2)
    rspec-mocks (2.0.0.beta.19)
    rspec-rails (2.0.0.beta.19)
      rspec (= 2.0.0.beta.19)
      webrat (>= 0.7.2.beta.1)
    rubyzip (0.9.4)
    selenium-webdriver (0.0.28)
      ffi (>= 0.6.1)
      json_pure
      rubyzip
    subexec (0.0.4)
    thor (0.14.0)
    treetop (1.4.8)
      polyglot (>= 0.3.1)
    tzinfo (0.3.22)
    warden (0.10.7)
      rack (>= 1.0.0)
    webrat (0.7.2.beta.1)
      nokogiri (>= 1.2.0)
      rack (>= 1.0)
      rack-test (>= 0.5.3)
    will_paginate (3.0.pre2)

PLATFORMS
  ruby

DEPENDENCIES
  bson_ext (= 1.0.4)
  capybara (= 0.3.9)
  carrierwave!
  devise (= 1.1.rc2)
  haml (= 3.0.13)
  ichiban!
  mini_magick (= 1.3.1)
  mongoid (>= 2.0.0.beta.16)
  rails!
  rdiscount (= 1.6.5)
  rspec (= 2.0.0.beta.19)
  rspec-rails (= 2.0.0.beta.19)
  steak!
