GIT
  remote: git://github.com/cavalle/steak.git
  revision: 006aca4
  specs:
    steak (0.4.0.beta.1)
      rspec (>= 2.0.0.beta.9)

GIT
  remote: git://github.com/jnicklas/carrierwave.git
  revision: d5a4088
  specs:
    carrierwave (0.4.4)

GIT
  remote: git://github.com/rails/rails.git
  revision: 060ca6a
  specs:
    actionmailer (3.0.0.beta4)
      actionpack (= 3.0.0.beta4)
      mail (~> 2.2.3)
    actionpack (3.0.0.beta4)
      activemodel (= 3.0.0.beta4)
      activesupport (= 3.0.0.beta4)
      builder (~> 2.1.2)
      erubis (~> 2.6.6)
      i18n (~> 0.4.1)
      rack (~> 1.2.1)
      rack-test (~> 0.5.4)
      tzinfo (~> 0.3.16)
    activemodel (3.0.0.beta4)
      activesupport (= 3.0.0.beta4)
      builder (~> 2.1.2)
      i18n (~> 0.4.1)
    activerecord (3.0.0.beta4)
      activemodel (= 3.0.0.beta4)
      activesupport (= 3.0.0.beta4)
      arel (~> 0.4.0)
      tzinfo (~> 0.3.16)
    activeresource (3.0.0.beta4)
      activemodel (= 3.0.0.beta4)
      activesupport (= 3.0.0.beta4)
    activesupport (3.0.0.beta4)
    rails (3.0.0.beta4)
      actionmailer (= 3.0.0.beta4)
      actionpack (= 3.0.0.beta4)
      activerecord (= 3.0.0.beta4)
      activeresource (= 3.0.0.beta4)
      activesupport (= 3.0.0.beta4)
      bundler (>= 1.0.0.beta.3)
      railties (= 3.0.0.beta4)
    railties (3.0.0.beta4)
      actionpack (= 3.0.0.beta4)
      activesupport (= 3.0.0.beta4)
      rake (>= 0.8.3)
      thor (~> 0.13.7)

PATH
  remote: /home/hubert/Projekty/amberbit_com/vendor/plugins/ichiban
  specs:
    ichiban (0.0.1)

GEM
  remote: http://rubygems.org/
  specs:
    abstract (1.0.0)
    arel (0.4.0)
      activesupport (>= 3.0.0.beta)
    bcrypt-ruby (2.1.2)
    bson (1.0.3)
    bson_ext (1.0.1)
    builder (2.1.2)
    capybara (0.3.9)
      culerity (>= 0.2.4)
      mime-types (>= 1.16)
      nokogiri (>= 1.3.3)
      rack (>= 1.0.0)
      rack-test (>= 0.5.4)
      selenium-webdriver (>= 0.0.3)
    culerity (0.2.10)
    devise (1.1.rc2)
      bcrypt-ruby (~> 2.1.2)
      warden (~> 0.10.7)
    diff-lcs (1.1.2)
    erubis (2.6.6)
      abstract (>= 1.0.0)
    ffi (0.6.3)
      rake (>= 0.8.7)
    haml (3.0.13)
    i18n (0.4.1)
    json_pure (1.4.3)
    mail (2.2.5)
      activesupport (>= 2.3.6)
      mime-types
      treetop (>= 1.4.5)
    mime-types (1.16)
    mongo (1.0.3)
      bson (= 1.0.3)
    mongoid (2.0.0.beta9)
      activemodel (~> 3.0.0.beta)
      bson (~> 1.0.3)
      mongo (~> 1.0.3)
      tzinfo (~> 0.3.22)
      will_paginate (~> 3.0.pre)
    nokogiri (1.4.2)
    polyglot (0.3.1)
    rack (1.2.1)
    rack-test (0.5.4)
      rack (>= 1.0)
    rake (0.8.7)
    rdiscount (1.6.5)
    rmagick (2.13.1)
    rspec (2.0.0.beta.15)
      rspec-core (= 2.0.0.beta.15)
      rspec-expectations (= 2.0.0.beta.15)
      rspec-mocks (= 2.0.0.beta.15)
    rspec-core (2.0.0.beta.15)
    rspec-expectations (2.0.0.beta.15)
      diff-lcs (>= 1.1.2)
    rspec-mocks (2.0.0.beta.15)
    rspec-rails (2.0.0.beta.15)
      rspec (>= 2.0.0.beta.14)
      webrat (>= 0.7.0)
    selenium-webdriver (0.0.24)
      ffi (>= 0.6.1)
      json_pure
    thor (0.13.7)
    treetop (1.4.8)
      polyglot (>= 0.3.1)
    tzinfo (0.3.22)
    warden (0.10.7)
      rack (>= 1.0.0)
    webrat (0.7.1)
      nokogiri (>= 1.2.0)
      rack (>= 1.0)
      rack-test (>= 0.5.3)
    will_paginate (3.0.pre)

PLATFORMS
  ruby

DEPENDENCIES
  bson_ext (= 1.0.1)
  capybara (= 0.3.9)
  carrierwave!
  devise (= 1.1.rc2)
  haml (= 3.0.13)
  ichiban!
  mongoid (>= 2.0.0.beta9)
  rails!
  rdiscount (= 1.6.5)
  rmagick (= 2.13.1)
  rspec (= 2.0.0.beta.15)
  rspec-rails (= 2.0.0.beta.15)
  steak!
